GEM
  remote: https://rubygems.org/
  specs:
    adsf (1.2.0)
      rack (>= 1.0.0)
    colored (1.2)
    cri (2.7.0)
      colored (~> 1.2)
    kramdown (1.11.1)
    mini_portile2 (2.0.0)
    nanoc (4.1.6)
      cri (~> 2.3)
    nokogiri (1.6.7.2)
      mini_portile2 (~> 2.0.0.rc2)
    rack (1.6.4)
    rake (10.5.0)

PLATFORMS
  ruby

DEPENDENCIES
  adsf (~> 1.2)
  kramdown (~> 1)
  nanoc (~> 4.1)
  nokogiri (~> 1.6)
  rake

BUNDLED WITH
   1.11.2
